GEM
  remote: https://rubygems.org/
  specs:
    activemodel (4.1.7)
      activesupport (= 4.1.7)
      builder (~> 3.1)
    activesupport (4.1.7)
      i18n (~> 0.6, >= 0.6.9)
      json (~> 1.7, >= 1.7.7)
      minitest (~> 5.1)
      thread_safe (~> 0.1)
      tzinfo (~> 1.1)
    builder (3.2.2)
    chronic (0.10.2)
    clockwork (1.0.0)
      activesupport
      tzinfo
    commander (4.1.5)
      highline (~> 1.6.11)
    faraday (0.9.0)
      multipart-post (>= 1.2, < 3)
    gelf (1.3.2)
      json
    her (0.7.2)
      activemodel (>= 3.0.0, < 4.2)
      activesupport (>= 3.0.0, < 4.2)
      faraday (>= 0.8, < 1.0)
      multi_json (~> 1.7)
    highline (1.6.21)
    i18n (0.6.11)
    json (1.7.7)
    mini_portile (0.6.1)
    minitar (0.5.4)
    minitest (5.4.2)
    multi_json (1.10.1)
    multipart-post (2.0.0)
    nokogiri (1.6.4.1)
      mini_portile (~> 0.6.0)
    quandl (0.4.4)
      chronic (= 0.10.2)
      commander (= 4.1.5)
      json (= 1.7.7)
      minitar (= 0.5.4)
      quandl_babelfish (= 0.0.11)
      quandl_client (= 2.10.2)
      quandl_data (= 1.5.1)
      quandl_format (= 0.5.1)
      quandl_logger (= 0.3.1)
      quandl_operation (= 0.4.1)
      thread (= 0.1.3)
      whedon (= 0.0.2)
    quandl_babelfish (0.0.11)
    quandl_client (2.10.2)
      activesupport (>= 3.0.0)
      her (~> 0.6)
      json (~> 1.7.7)
      quandl_data (~> 1.5)
      scope_composer (~> 0.3)
    quandl_data (1.5.1)
      activemodel (>= 3.0.0)
      quandl_babelfish (~> 0.0)
      quandl_operation (~> 0.4)
    quandl_format (0.5.1)
      quandl_client (~> 2.8)
    quandl_logger (0.3.1)
      activesupport (>= 3.0.0)
      gelf (~> 1.3.2)
    quandl_operation (0.4.1)
      activesupport (>= 3.0.0)
      quandl_logger (~> 0.3)
    rest-open-uri (1.0.0)
    scope_composer (0.4.3)
      activesupport (>= 3.0.0)
    thread (0.1.3)
    thread_safe (0.3.4)
    tzinfo (1.2.2)
      thread_safe (~> 0.1)
    whedon (0.0.2)
      tzinfo

PLATFORMS
  ruby

DEPENDENCIES
  clockwork
  nokogiri
  quandl
  rest-open-uri
