GEM
  remote: https://rubygems.org/
  specs:
    mini_portile (0.6.1)
    nokogiri (1.6.4.1)
      mini_portile (~> 0.6.0)
    rest-open-uri (1.0.0)

PLATFORMS
  ruby

DEPENDENCIES
  nokogiri
  rest-open-uri
